PATH
  remote: .
  specs:
    sap_niwaki (0.1.0)

GEM
  remote: https://rubygems.org/
  specs:
    byebug (11.0.1)
    diff-lcs (1.3)
    rake (10.5.0)
    rspec (3.9.0)
      rspec-core (~> 3.9.0)
      rspec-expectations (~> 3.9.0)
      rspec-mocks (~> 3.9.0)
    rspec-core (3.9.0)
      rspec-support (~> 3.9.0)
    rspec-expectations (3.9.0)
      diff-lcs (>= 1.2.0, < 2.0)
      rspec-support (~> 3.9.0)
    rspec-mocks (3.9.0)
      diff-lcs (>= 1.2.0, < 2.0)
      rspec-support (~> 3.9.0)
    rspec-support (3.9.0)

PLATFORMS
  x64-mingw32

DEPENDENCIES
  bundler (~> 2.0, >= 2.0.2)
  byebug (~> 11.0, >= 11.0.1)
  rake (~> 10.0)
  rspec (~> 3.0)
  sap_niwaki!

BUNDLED WITH
   2.0.2
